GEM
  remote: https://rubygems.org/
  specs:
    RedCloth (4.2.9)
    activesupport (4.1.6)
      i18n (~> 0.6, >= 0.6.9)
      json (~> 1.7, >= 1.7.7)
      minitest (~> 5.1)
      thread_safe (~> 0.1)
      tzinfo (~> 1.1)
    addressable (2.3.6)
    blankslate (2.1.2.4)
    classifier (1.3.4)
      fast-stemmer (>= 1.0.0)
    coderay (1.1.0)
    coffee-script (2.3.0)
      coffee-script-source
      execjs
    coffee-script-source (1.8.0)
    colorator (0.1)
    commander (4.1.6)
      highline (~> 1.6.11)
    execjs (2.0.2)
    faraday (0.9.0)
      multipart-post (>= 1.2, < 3)
    faraday-http-cache (0.4.2)
      faraday (~> 0.8)
    fast-stemmer (1.0.2)
    ffi (1.9.5)
    formatador (0.2.4)
    gemoji (1.5.0)
    github-pages (20)
      RedCloth (= 4.2.9)
      jekyll (= 1.5.1)
      jekyll-mentions (= 0.0.9)
      jekyll-redirect-from (= 0.3.1)
      jekyll-sitemap (= 0.3.0)
      jemoji (= 0.1.0)
      kramdown (= 1.3.1)
      liquid (= 2.5.5)
      maruku (= 0.7.0)
      rdiscount (= 2.1.7)
      redcarpet (= 2.3.0)
    guard (1.8.3)
      formatador (>= 0.2.4)
      listen (~> 1.3)
      lumberjack (>= 1.0.2)
      pry (>= 0.9.10)
      thor (>= 0.14.6)
    guard-jekyll (1.4.0)
      guard (>= 1.1.0)
      jekyll
    highline (1.6.21)
    hike (1.2.3)
    html-pipeline (1.5.0)
      activesupport (>= 2)
      nokogiri (~> 1.4)
    i18n (0.6.11)
    jekyll (1.5.1)
      classifier (~> 1.3)
      colorator (~> 0.1)
      commander (~> 4.1.3)
      liquid (~> 2.5.5)
      listen (~> 1.3)
      maruku (= 0.7.0)
      pygments.rb (~> 0.5.0)
      redcarpet (~> 2.3.0)
      safe_yaml (~> 1.0)
      toml (~> 0.1.0)
    jekyll-assets (0.9.2)
      jekyll (>= 1.0.0, < 3.0.0)
      sass (~> 3.2)
      sprockets (~> 2.10)
      sprockets-helpers
      sprockets-sass
    jekyll-mentions (0.0.9)
      html-pipeline (~> 1.5.0)
      jekyll (~> 1.4)
    jekyll-redirect-from (0.3.1)
      jekyll (~> 1.4)
    jekyll-sitemap (0.3.0)
      jekyll (~> 1.4)
    jemoji (0.1.0)
      gemoji (~> 1.5.0)
      html-pipeline (~> 1.5.0)
      jekyll (~> 1.4)
    json (1.8.1)
    kramdown (1.3.1)
    liquid (2.5.5)
    listen (1.3.1)
      rb-fsevent (>= 0.9.3)
      rb-inotify (>= 0.9)
      rb-kqueue (>= 0.2)
    lumberjack (1.0.4)
    maruku (0.7.0)
    method_source (0.8.2)
    mini_portile (0.6.0)
    minitest (5.4.2)
    multi_json (1.10.1)
    multipart-post (2.0.0)
    nokogiri (1.6.3.1)
      mini_portile (= 0.6.0)
    octokit (3.3.1)
      sawyer (~> 0.5.3)
    parslet (1.5.0)
      blankslate (~> 2.0)
    posix-spawn (0.3.9)
    pry (0.9.12.4)
      coderay (~> 1.0)
      method_source (~> 0.8)
      slop (~> 3.4)
    pygments.rb (0.5.4)
      posix-spawn (~> 0.3.6)
      yajl-ruby (~> 1.1.0)
    rack (1.5.2)
    rb-fsevent (0.9.4)
    rb-inotify (0.9.5)
      ffi (>= 0.5.0)
    rb-kqueue (0.2.3)
      ffi (>= 0.5.0)
    rdiscount (2.1.7)
    redcarpet (2.3.0)
    safe_yaml (1.0.4)
    sass (3.2.13)
    sawyer (0.5.5)
      addressable (~> 2.3.5)
      faraday (~> 0.8, < 0.10)
    slop (3.4.7)
    sprockets (2.12.2)
      hike (~> 1.2)
      multi_json (~> 1.0)
      rack (~> 1.0)
      tilt (~> 1.1, != 1.3.0)
    sprockets-helpers (1.1.0)
      sprockets (~> 2.0)
    sprockets-sass (1.2.0)
      sprockets (~> 2.0)
      tilt (~> 1.1)
    thor (0.18.1)
    thread_safe (0.3.4)
    tilt (1.4.1)
    toml (0.1.1)
      parslet (~> 1.5.0)
    tzinfo (1.2.2)
      thread_safe (~> 0.1)
    uglifier (2.4.0)
      execjs (>= 0.3.0)
      json (>= 1.8.0)
    yajl-ruby (1.1.0)

PLATFORMS
  ruby

DEPENDENCIES
  coffee-script
  faraday-http-cache
  github-pages
  guard-jekyll
  jekyll-assets
  octokit (~> 3.0)
  sass
  uglifier
